GEM
  remote: https://rubygems.org/
  specs:
    amq-protocol (2.3.2)
    bunny (2.19.0)
      amq-protocol (~> 2.3, >= 2.3.1)
      sorted_set (~> 1, >= 1.0.2)
    eventmachine (1.2.7)
    rbtree (0.4.4)
    set (1.0.2)
    sorted_set (1.0.3)
      rbtree
      set (~> 1.0)

PLATFORMS
  ruby

DEPENDENCIES
  bunny
  eventmachine

RUBY VERSION
   ruby 2.7.4p191

BUNDLED WITH
   2.1.4
